GEM
  remote: http://rubygems.org/
  specs:
    bouncy-castle-java (1.5.0146.1)
    git (1.2.5)
    jeweler (1.6.4)
      bundler (~> 1.0)
      git (>= 1.2.5)
      rake
    jruby-openssl (0.7.4)
      bouncy-castle-java
    rake (0.9.2)
    rcov (0.9.9-java)
    shoulda (2.11.3)
    smart_colored (1.0.2)
    yard (0.6.8)

PLATFORMS
  java

DEPENDENCIES
  bundler (~> 1.0.0)
  jeweler (~> 1.6.4)
  jruby-openssl
  rcov
  shoulda
  smart_colored
  yard (~> 0.6.0)
